PATH
  remote: .
  specs:
    dvash (0.1.1)
      parseconfig (~> 1.0)

GEM
  remote: http://rubygems.org/
  specs:
    parseconfig (1.0.2)

PLATFORMS
  ruby

DEPENDENCIES
  dvash!
